GEM
  remote: https://rubygems.org/
  specs:
    dalli (2.7.6)
    debugger-ruby_core_source (1.3.8)
    erubis (2.7.0)
    foreman (0.78.0)
      thor (~> 0.19.1)
    mysql2 (0.3.18)
    mysql2-cs-bind (0.0.6)
      mysql2
    puma (3.10.0)
    rack (1.6.4)
    rack-cache (1.7.1)
      rack (>= 0.4)
    rack-lineprof (0.0.3)
      rack (~> 1.5)
      rblineprof (~> 0.3.6)
      term-ansicolor (~> 1.3)
    rack-protection (1.5.3)
      rack
    rblineprof (0.3.7)
      debugger-ruby_core_source (~> 1.3)
    sinatra (1.4.6)
      rack (~> 1.4)
      rack-protection (~> 1.4)
      tilt (>= 1.3, < 3)
    term-ansicolor (1.6.0)
      tins (~> 1.0)
    thor (0.19.1)
    tilt (2.0.1)
    tins (1.15.0)

PLATFORMS
  ruby

DEPENDENCIES
  dalli
  erubis
  foreman
  mysql2 (= 0.3.18)
  mysql2-cs-bind
  puma
  rack-cache
  rack-lineprof
  sinatra

BUNDLED WITH
   1.10.6
